GEM
  remote: https://rubygems.org/
  specs:
    bond (0.5.1)
    coderay (1.0.9)
    daemons (1.2.4)
    eventmachine (1.2.3)
    maxminddb (0.1.12)
    paint (2.0.0)
    rack (1.6.9)
    rack-protection (1.5.5)
      rack
    rake (12.0.0)
    ripl (0.7.1)
      bond (~> 0.5.1)
    ripl-auto_indent (0.2.0)
      ripl (>= 0.6.0)
      ripl-multi_line (>= 0.3.0)
      ruby_indentation (>= 0.2.0)
    ripl-color_error (0.1.1)
      ripl (>= 0.2.0)
    ripl-color_result (0.4.1)
      ripl (>= 0.4.1)
      wirb (>= 0.4.0)
    ripl-color_streams (0.1.2)
      ripl (>= 0.2.8)
    ripl-irb (0.2.3)
      ripl (>= 0.2.5)
    ripl-multi_line (0.3.1)
      ripl (>= 0.3.6)
    ripl-short_errors (0.1.0)
      ripl (>= 0.2.8)
    ruby_indentation (0.2.0)
      coderay (~> 1.0.5)
    sinatra (1.4.8)
      rack (~> 1.5)
      rack-protection (~> 1.4)
      tilt (>= 1.3, < 3)
    sinatra-param (1.4.0)
      sinatra (~> 1.3)
    thin (1.7.0)
      daemons (~> 1.0, >= 1.0.9)
      eventmachine (~> 1.0, >= 1.0.4)
      rack (>= 1, < 3)
    tilt (2.0.7)
    wirb (2.1.1)
      paint (>= 0.9, < 3.0)

PLATFORMS
  ruby

DEPENDENCIES
  maxminddb
  rake
  ripl
  ripl-auto_indent
  ripl-color_error
  ripl-color_result
  ripl-color_streams
  ripl-irb
  ripl-multi_line
  ripl-short_errors
  sinatra
  sinatra-param
  thin

BUNDLED WITH
   1.16.0
